PATH
  remote: ~/checkout/ruby-prof
  specs:
    ruby-prof (0.11.0)

GEM
  remote: http://rubygems.org/
  specs:

PLATFORMS
  ruby

DEPENDENCIES
  ruby-prof!
